Brain Vision Data Exchange Header File Version 1.0
; Data created from history path: BrainVision_Dataformat_01/Raw Data

[Common Infos]
DataFile=BrainVision_GenericDataFormat_BinaryMultiplexed_INT16.dat
MarkerFile=BrainVision_GenericDataFormat_BinaryMultiplexed_INT16.vmrk
DataFormat=BINARY
; Data orientation: VECTORIZED=ch1,pt1, ch1,pt2..., MULTIPLEXED=ch1,pt1, ch2,pt1 ...
DataOrientation=MULTIPLEXED
DataType=TIMEDOMAIN
NumberOfChannels=32
DataPoints=2112
; Sampling interval in microseconds if time domain (convert to Hertz:
; 1000000 / SamplingInterval) or in Hertz if frequency domain:
SamplingInterval=5000

[Binary Infos]
BinaryFormat=INT_16
UseBigEndianOrder=NO

[Channel Infos]
; Each entry: Ch<Channel number>=<Name>,<Reference channel name>,
; <Resolution in microvolts>,<Future extensions..
; Fields are delimited by commas, some fields might be omited (empty).
; Commas in channel names are coded as "\1".
Ch1=Fp1,,0.00045777764
Ch2=Fp2,,0.00045777764
Ch3=F3,,0.00045777764
Ch4=F4,,0.00045777764
Ch5=C3,,0.00045777764
Ch6=C4,,0.00045777764
Ch7=P3,,0.00045777764
Ch8=P4,,0.00045777764
Ch9=O1,,0.00045777764
Ch10=O2,,0.00045777764
Ch11=F7,,0.00045777764
Ch12=F8,,0.00045777764
Ch13=T7,,0.00045777764
Ch14=T8,,0.00045777764
Ch15=P7,,0.00045777764
Ch16=P8,,0.00045777764
Ch17=Fz,,0.00045777764
Ch18=Cz,,0.00045777764
Ch19=Pz,,0.00045777764
Ch20=FC1,,0.00045777764
Ch21=FC2,,0.00045777764
Ch22=CP1,,0.00045777764
Ch23=CP2,,0.00045777764
Ch24=FC5,,0.00045777764
Ch25=FC6,,0.00045777764
Ch26=CP5,,0.00045777764
Ch27=CP6,,0.00045777764
Ch28=TP9,,0.00045777764
Ch29=TP10,,0.00045777764
Ch30=Eog,,0.00045777764
Ch31=Ekg1,,0.00045777764
Ch32=Ekg2,,0.00045777764

[Coordinates]
; Each entry: Ch<Channel number>=<Radius>,<Theta>,<Phi>
Ch1=1,-92,-72
Ch2=1,92,72
Ch3=1,-60,-51
Ch4=1,60,51
Ch5=1,-46,0
Ch6=1,46,0
Ch7=1,-60,51
Ch8=1,60,-51
Ch9=1,-92,72
Ch10=1,92,-72
Ch11=1,-92,-36
Ch12=1,92,36
Ch13=1,-92,0
Ch14=1,92,0
Ch15=1,-92,36
Ch16=1,92,-36
Ch17=1,46,90
Ch18=1,0,0
Ch19=1,46,-90
Ch20=1,-32,-45
Ch21=1,32,45
Ch22=1,-32,45
Ch23=1,32,-45
Ch24=1,-72,-21
Ch25=1,72,21
Ch26=1,-72,21
Ch27=1,72,-21
Ch28=1,-120,20
Ch29=1,120,-20
Ch30=0,0,0
Ch31=0,0,0
Ch32=0,0,0
