Brain Vision Data Exchange Header File Version 1.0
; Data created from history path: BrainVision_Dataformat_01/Raw Data

[Common Infos]
DataFile=BrainVision_GenericDataFormat_BinaryVectorized_IEEE.dat
MarkerFile=BrainVision_GenericDataFormat_BinaryVectorized_IEEE.vmrk
DataFormat=BINARY
; Data orientation: VECTORIZED=ch1,pt1, ch1,pt2..., MULTIPLEXED=ch1,pt1, ch2,pt1 ...
DataOrientation=VECTORIZED
DataType=TIMEDOMAIN
NumberOfChannels=32
DataPoints=2112
; Sampling interval in microseconds if time domain (convert to Hertz:
; 1000000 / SamplingInterval) or in Hertz if frequency domain:
SamplingInterval=5000

[Binary Infos]
BinaryFormat=IEEE_FLOAT_32

[Channel Infos]
; Each entry: Ch<Channel number>=<Name>,<Reference channel name>,
; <Resolution in microvolts>,<Future extensions..
; Fields are delimited by commas, some fields might be omited (empty).
; Commas in channel names are coded as "\1".
Ch1=Fp1,,
Ch2=Fp2,,
Ch3=F3,,
Ch4=F4,,
Ch5=C3,,
Ch6=C4,,
Ch7=P3,,
Ch8=P4,,
Ch9=O1,,
Ch10=O2,,
Ch11=F7,,
Ch12=F8,,
Ch13=T7,,
Ch14=T8,,
Ch15=P7,,
Ch16=P8,,
Ch17=Fz,,
Ch18=Cz,,
Ch19=Pz,,
Ch20=FC1,,
Ch21=FC2,,
Ch22=CP1,,
Ch23=CP2,,
Ch24=FC5,,
Ch25=FC6,,
Ch26=CP5,,
Ch27=CP6,,
Ch28=TP9,,
Ch29=TP10,,
Ch30=Eog,,
Ch31=Ekg1,,
Ch32=Ekg2,,

[Coordinates]
; Each entry: Ch<Channel number>=<Radius>,<Theta>,<Phi>
Ch1=1,-92,-72
Ch2=1,92,72
Ch3=1,-60,-51
Ch4=1,60,51
Ch5=1,-46,0
Ch6=1,46,0
Ch7=1,-60,51
Ch8=1,60,-51
Ch9=1,-92,72
Ch10=1,92,-72
Ch11=1,-92,-36
Ch12=1,92,36
Ch13=1,-92,0
Ch14=1,92,0
Ch15=1,-92,36
Ch16=1,92,-36
Ch17=1,46,90
Ch18=1,0,0
Ch19=1,46,-90
Ch20=1,-32,-45
Ch21=1,32,45
Ch22=1,-32,45
Ch23=1,32,-45
Ch24=1,-72,-21
Ch25=1,72,21
Ch26=1,-72,21
Ch27=1,72,-21
Ch28=1,-120,20
Ch29=1,120,-20
Ch30=0,0,0
Ch31=0,0,0
Ch32=0,0,0
