Brain Vision Data Exchange Header File Version 1.0
; Data created by the Vision Recorder

[Common Infos]
DataFile=BrainVision_Recorder_AcquisitionDataformat.eeg
MarkerFile=BrainVision_Recorder_AcquisitionDataformat.vmrk
DataFormat=BINARY
; Data orientation: MULTIPLEXED=ch1,pt1, ch2,pt1 ...
DataOrientation=MULTIPLEXED
NumberOfChannels=32
; Sampling interval in microseconds
SamplingInterval=5000

[Binary Infos]
BinaryFormat=INT_16

[Channel Infos]
; Each entry: Ch<Channel number>=<Name>,<Reference channel name>,
; <Resolution in microvolts>,<Future extensions..
; Fields are delimited by commas, some fields might be omitted (empty).
; Commas in channel names are coded as "\1".
Ch1=Fp1,,0.1
Ch2=Fp2,,0.1
Ch3=F3,,0.1
Ch4=F4,,0.1
Ch5=C3,,0.1
Ch6=C4,,0.1
Ch7=P3,,0.1
Ch8=P4,,0.1
Ch9=O1,,0.1
Ch10=O2,,0.1
Ch11=F7,,0.1
Ch12=F8,,0.1
Ch13=T7,,0.1
Ch14=T8,,0.1
Ch15=P7,,0.1
Ch16=P8,,0.1
Ch17=Fz,,0.1
Ch18=Cz,,0.1
Ch19=Pz,,0.1
Ch20=FC1,,0.1
Ch21=FC2,,0.1
Ch22=CP1,,0.1
Ch23=CP2,,0.1
Ch24=FC5,,0.1
Ch25=FC6,,0.1
Ch26=CP5,,0.1
Ch27=CP6,,0.1
Ch28=TP9,,0.1
Ch29=TP10,,0.1
Ch30=Eog,,0.1
Ch31=Ekg1,,0.1
Ch32=Ekg2,,0.1

[Comment]
This is a sample recording with the BrainVision Analyzer data format.
This recording was performed by Ingmar Gutberlet on 24th Sep. 2003
A m p l i f i e r  S e t u p
============================
Number of channels: 32
Sampling Rate [Hz]: 200
Sampling Interval [µS]: 5000

Channels
--------
#     Name      Phys. Chn.    Resolution [µV]  Low Cutoff [s]   High Cutoff [Hz]   Notch [Hz]
1     Fp1         1                0.1               10             1000              Off
2     Fp2         2                0.1               10             1000              Off
3     F3          3                0.1               10             1000              Off
4     F4          4                0.1               10             1000              Off
5     C3          5                0.1               10             1000              Off
6     C4          6                0.1               10             1000              Off
7     P3          7                0.1               10             1000              Off
8     P4          8                0.1               10             1000              Off
9     O1          9                0.1               10             1000              Off
10    O2          10               0.1               10             1000              Off
11    F7          11               0.1               10             1000              Off
12    F8          12               0.1               10             1000              Off
13    T7          13               0.1               10             1000              Off
14    T8          14               0.1               10             1000              Off
15    P7          15               0.1               10             1000              Off
16    P8          16               0.1               10             1000              Off
17    Fz          17               0.1               10             1000              Off
18    Cz          18               0.1               10             1000              Off
19    Pz          19               0.1               10             1000              Off
20    FC1         20               0.1               10             1000              Off
21    FC2         21               0.1               10             1000              Off
22    CP1         22               0.1               10             1000              Off
23    CP2         23               0.1               10             1000              Off
24    FC5         24               0.1               10             1000              Off
25    FC6         25               0.1               10             1000              Off
26    CP5         26               0.1               10             1000              Off
27    CP6         27               0.1               10             1000              Off
28    TP9         28               0.1               10             1000              Off
29    TP10        29               0.1               10             1000              Off
30    Eog         30               0.1               10             1000              Off
31    Ekg1        31               0.1               10             1000              Off
32    Ekg2        32               0.1               10             1000              Off

S o f t w a r e  F i l t e r s
==============================
#     Low Cutoff [s]   High Cutoff [Hz]   Notch [Hz]
1      0.3              70                 50
2      0.3              70                 50
3      0.3              70                 50
4      0.3              70                 50
5      0.3              70                 50
6      0.3              70                 50
7      0.3              70                 50
8      0.3              70                 50
9      0.3              70                 50
10     0.3              70                 50
11     0.3              70                 50
12     0.3              70                 50
13     0.3              70                 50
14     0.3              70                 50
15     0.3              70                 50
16     0.3              70                 50
17     0.3              70                 50
18     0.3              70                 50
19     0.3              70                 50
20     0.3              70                 50
21     0.3              70                 50
22     0.3              70                 50
23     0.3              70                 50
24     0.3              70                 50
25     0.3              70                 50
26     0.3              70                 50
27     0.3              70                 50
28     0.3              70                 50
29     0.3              70                 50
30     0.3              70                 50
31     0.3              70                 50
32     0.3              70                 50


Impedance [kOhm] at 10:47:09 :
Fp1:          0
Fp2:          1
F3:           2
F4:           3
C3:           4
C4:           5
P3:           6
P4:           7
O1:           8
O2:           8
F7:           9
F8:          10
T7:          11
T8:          12
P7:          13
P8:          14
Fz:          15
Cz:          16
Pz:          17
FC1:         18
FC2:         19
CP1:         20
CP2:         21
FC5:         22
FC6:         23
CP5:         23
CP6:         24
TP9:         25
TP10:        26
Eog:         27
Ekg1:        28
Ekg2:        29
