Brain Vision Data Exchange Header File Version 1.0
; Data created from history path: KON9005_WR1-export/Raw Data
; Interval start [offset in data points]: 51, data points: 2087

[Common Infos]
DataFile=BVA_withchanlocs.dat
MarkerFile=BVA_withchanlocs.vmrk
DataFormat=ASCII
; Data orientation: VECTORIZED=ch1,pt1, ch1,pt2..., MULTIPLEXED=ch1,pt1, ch2,pt1 ...
DataOrientation=MULTIPLEXED
DataType=TIMEDOMAIN
NumberOfChannels=68
DataPoints=2087
; Sampling interval in microseconds if time domain (convert to Hertz:
; 1000000 / SamplingInterval) or in Hertz if frequency domain:
SamplingInterval=4000

[ASCII Infos]
; Decimal symbol for floating point numbers: the header file always uses a dot (.),
; however the data file might use a different one
DecimalSymbol=,
; SkipLines, SkipColumns: leading lines and columns with additional informations.
SkipLines=1
SkipColumns=0

[Channel Infos]
; Each entry: Ch<Channel number>=<Name>,<Reference channel name>,
; <Resolution in microvolts>,<Future extensions..
; Fields are delimited by commas, some fields might be omited (empty).
; Commas in channel names are coded as "\1".
Ch1=Fp1,,
Ch2=Fp2,,
Ch3=F3,,
Ch4=F4,,
Ch5=C3,,
Ch6=C4,,
Ch7=P3,,
Ch8=P4,,
Ch9=O1,,
Ch10=O2,,
Ch11=F7,,
Ch12=F8,,
Ch13=T7,,
Ch14=T8,,
Ch15=P7,,
Ch16=P8,,
Ch17=Fz,,
Ch18=Pz,,
Ch19=FC1,,
Ch20=FC2,,
Ch21=FC5,,
Ch22=FC6,,
Ch23=FT9,,
Ch24=FT10,,
Ch25=TP9,,
Ch26=TP10,,
Ch27=PO9,,
Ch28=PO10,,
Ch29=EOG,,
Ch30=EKG1,,
Ch31=EKG2,,
Ch32=EKG3,,
Ch33=AF3,,
Ch34=AF4,,
Ch35=F1,,
Ch36=F2,,
Ch37=CP1,,
Ch38=CP2,,
Ch39=PO3,,
Ch40=PO4,,
Ch41=O9,,
Ch42=O10,,
Ch43=FC3,,
Ch44=FC4,,
Ch45=AF7,,
Ch46=AF8,,
Ch47=F5,,
Ch48=F6,,
Ch49=C5,,
Ch50=C6,,
Ch51=CP5,,
Ch52=CP6,,
Ch53=PO7,,
Ch54=PO8,,
Ch55=FT7,,
Ch56=FT8,,
Ch57=TP7,,
Ch58=TP8,,
Ch59=F9,,
Ch60=F10,,
Ch61=P9,,
Ch62=P10,,
Ch63=FCz,,
Ch64=Oz,,
Ch65=Cz,,
Ch66=HEOG,,
Ch67=VEOG,,
Ch68=EKG,,

[Coordinates]
; Each entry: Ch<Channel number>=<Radius>,<Theta>,<Phi>
Ch1=1,-92,-72
Ch2=1,92,72
Ch3=1,-60,-51
Ch4=1,60,51
Ch5=1,-46,0
Ch6=1,46,0
Ch7=1,-60,51
Ch8=1,60,-51
Ch9=1,-92,72
Ch10=1,92,-72
Ch11=1,-92,-36
Ch12=1,92,36
Ch13=1,-92,0
Ch14=1,92,0
Ch15=1,-92,36
Ch16=1,92,-36
Ch17=1,46,90
Ch18=1,46,-90
Ch19=1,-32,-45
Ch20=1,32,45
Ch21=1,-71,-21
Ch22=1,71,21
Ch23=1,-115,-18
Ch24=1,115,18
Ch25=1,-115,18
Ch26=1,115,-18
Ch27=1,-115,54
Ch28=1,115,-54
Ch29=0,0,0
Ch30=0,0,0
Ch31=0,0,0
Ch32=0,0,0
Ch33=1,-74,-67
Ch34=1,74,67
Ch35=1,-50,-68
Ch36=1,50,68
Ch37=1,-32,45
Ch38=1,32,-45
Ch39=1,-74,67
Ch40=1,74,-67
Ch41=1,-115,72
Ch42=1,115,-72
Ch43=1,-50,-28
Ch44=1,50,28
Ch45=1,-92,-52
Ch46=1,92,52
Ch47=1,-75,-41
Ch48=1,75,41
Ch49=1,-69,0
Ch50=1,69,0
Ch51=1,-71,21
Ch52=1,71,-21
Ch53=1,-92,54
Ch54=1,92,-54
Ch55=1,-92,-18
Ch56=1,92,18
Ch57=1,-92,18
Ch58=1,92,-18
Ch59=1,-115,-35
Ch60=1,115,35
Ch61=1,-115,36
Ch62=1,115,-36
Ch63=1,23,90
Ch64=1,92,-90
Ch65=1,0,0
Ch66=0,0,0
Ch67=0,0,0
Ch68=0,0,0
