Brain Vision Data Exchange Header File Version 1.0
; Data created from the EEGLAB software

[Common Infos]
DataFile=EEGLAB_export.dat
MarkerFile=EEGLAB_export.vmrk
DataFormat=BINARY
; Data orientation: VECTORIZED=ch1,pt1, ch1,pt2..., MULTIPLEXED=ch1,pt1, ch2,pt1 ...
DataOrientation=VECTORIZED
DataType=TIMEDOMAIN
NumberOfChannels=32
DataPoints=
; Sampling interval in microseconds if time domain (convert to Hertz:
; 1000000 / SamplingInterval) or in Hertz if frequency domain:
SamplingInterval=7.811966e+03
SegmentationType=MARKERBASED

[Binary Infos]
BinaryFormat=IEEE_FLOAT_32

[Channel Infos]
; Each entry: Ch<Channel number>=<Name>,<Reference channel name>,
; <Resolution in microvolts>,<Future extensions..
; Fields are delimited by commas, some fields might be omited (empty).
; Commas in channel names are coded as "".
Ch1=FPz,, 
Ch2=EOG1,, 
Ch3=F3,, 
Ch4=Fz,, 
Ch5=F4,, 
Ch6=EOG2,, 
Ch7=FC5,, 
Ch8=FC1,, 
Ch9=FC2,, 
Ch10=FC6,, 
Ch11=T7,, 
Ch12=C3,, 
Ch13=C4,, 
Ch14=Cz,, 
Ch15=T8,, 
Ch16=CP5,, 
Ch17=CP1,, 
Ch18=CP2,, 
Ch19=CP6,, 
Ch20=P7,, 
Ch21=P3,, 
Ch22=Pz,, 
Ch23=P4,, 
Ch24=P8,, 
Ch25=PO7,, 
Ch26=PO3,, 
Ch27=POz,, 
Ch28=PO4,, 
Ch29=PO8,, 
Ch30=O1,, 
Ch31=Oz,, 
Ch32=O2,, 

